GEM
  remote: https://rubygems.org/
  specs:
    graphviz (1.0.0)
      process-pipeline
    process-group (1.1.0)
    process-pipeline (1.0.1)
      process-group
    rake (12.3.1)

PLATFORMS
  ruby

DEPENDENCIES
  graphviz
  rake

BUNDLED WITH
   1.16.0
